GIT
  remote: https://github.com/njh/ruby-mqtt.git
  revision: 1a377d9eee4597e53f3a69bcf69a2eabc960d9f4
  specs:
    mqtt (0.4.0)

GEM
  remote: https://rubygems.org/
  specs:
    dotenv (2.0.0)
    rack (1.6.0)
    rack-protection (1.5.3)
      rack
    sinatra (1.4.5)
      rack (~> 1.4)
      rack-protection (~> 1.4)
      tilt (~> 1.3, >= 1.3.4)
    tilt (1.4.1)

PLATFORMS
  ruby

DEPENDENCIES
  dotenv
  mqtt!
  sinatra
